GEM
  remote: https://rubygems.org/
  specs:
    bson (1.10.1)
    bson_ext (1.10.1)
      bson (~> 1.10.1)
    daemons (1.1.9)
    diff-lcs (1.2.5)
    eventmachine (0.12.10)
    json (1.8.1)
    json-schema (2.2.2)
    json_pure (1.8.1)
    mongo (1.10.1)
      bson (~> 1.10.1)
    mono_logger (1.1.0)
    multi_json (1.10.1)
    nats (0.4.28)
      daemons (>= 1.1.5)
      eventmachine (= 0.12.10)
      json_pure (>= 1.7.3)
      thin (>= 1.4.1)
    rack (1.5.2)
    rack-protection (1.5.3)
      rack
    redis (3.0.7)
    redis-namespace (1.4.1)
      redis (~> 3.0.4)
    resque (1.25.2)
      mono_logger (~> 1.0)
      multi_json (~> 1.0)
      redis-namespace (~> 1.3)
      sinatra (>= 0.9.2)
      vegas (~> 0.1.2)
    rspec (2.14.1)
      rspec-core (~> 2.14.0)
      rspec-expectations (~> 2.14.0)
      rspec-mocks (~> 2.14.0)
    rspec-core (2.14.8)
    rspec-expectations (2.14.5)
      diff-lcs (>= 1.1.3, < 2.0)
    rspec-mocks (2.14.6)
    sinatra (1.4.5)
      rack (~> 1.4)
      rack-protection (~> 1.4)
      tilt (~> 1.3, >= 1.3.4)
    thin (1.5.1)
      daemons (>= 1.0.9)
      eventmachine (>= 0.12.6)
      rack (>= 1.0.0)
    tilt (1.4.1)
    uuidtools (2.1.4)
    vegas (0.1.11)
      rack (>= 1.0.0)

PLATFORMS
  ruby

DEPENDENCIES
  bson_ext
  json
  json-schema
  mongo
  nats
  resque
  rspec
  sinatra
  uuidtools
