GEM
  remote: https://rubygems.org/
  specs:
    json (1.8.1)
    table_print (1.5.1)

PLATFORMS
  ruby

DEPENDENCIES
  json
  table_print
